GEM
  remote: https://rubygems.org/
  specs:
    ast (2.3.0)
    coderay (1.1.2)
    colored (1.2)
    cri (2.6.1)
      colored (~> 1.2)
    faraday (0.13.1)
      multipart-post (>= 1.2, < 3)
    faraday_middleware (0.12.2)
      faraday (>= 0.7.4, < 1.0)
    fast_gettext (1.1.0)
    ffi (1.9.18)
    gettext (3.2.6)
      locale (>= 2.0.5)
      text (>= 1.3.0)
    gettext-setup (0.29)
      fast_gettext (~> 1.1.0)
      gettext (>= 3.0.2)
      locale
    listen (3.1.5)
      rb-fsevent (~> 0.9, >= 0.9.4)
      rb-inotify (~> 0.9, >= 0.9.7)
      ruby_dep (~> 1.2)
    locale (2.1.2)
    log4r (1.1.10)
    method_source (0.9.0)
    minitar (0.6.1)
    multi_json (1.12.2)
    multipart-post (2.0.0)
    openssl (2.1.0)
    parallel (1.12.1)
    parser (2.4.0.2)
      ast (~> 2.3)
    powerpack (0.1.1)
    pry (0.11.3)
      coderay (~> 1.1.0)
      method_source (~> 0.9.0)
    puppet_forge (2.2.9)
      faraday (>= 0.9.0, < 0.14.0)
      faraday_middleware (>= 0.9.0, < 0.13.0)
      gettext-setup (~> 0.11)
      minitar
      semantic_puppet (~> 1.0)
    r10k (2.6.0)
      colored (= 1.2)
      cri (~> 2.6.1)
      gettext-setup (~> 0.5)
      log4r (= 1.1.10)
      multi_json (~> 1.10)
      puppet_forge (~> 2.2.8)
    rack (1.6.8)
    rack-protection (1.5.3)
      rack
    rainbow (3.0.0)
    rb-fsevent (0.10.2)
    rb-inotify (0.9.10)
      ffi (>= 0.5.0, < 2)
    rerun (0.11.0)
      listen (~> 3.0)
    rubocop (0.52.0)
      parallel (~> 1.10)
      parser (>= 2.4.0.2, < 3.0)
      powerpack (~> 0.1)
      rainbow (>= 2.2.2, < 4.0)
      ruby-progressbar (~> 1.7)
      unicode-display_width (~> 1.0, >= 1.0.1)
    ruby-progressbar (1.9.0)
    ruby_dep (1.5.0)
    rugged (0.25.1.1)
    semantic_puppet (1.0.1)
      gettext-setup (>= 0.3)
    sinatra (1.4.8)
      rack (~> 1.5)
      rack-protection (~> 1.4)
      tilt (>= 1.3, < 3)
    text (1.3.1)
    tilt (2.0.8)
    unicode-display_width (1.3.0)
    yard (0.9.12)
    yard-sinatra (1.0.0)
      yard (~> 0.7)

PLATFORMS
  ruby
  x86_64-darwin-15

DEPENDENCIES
  minitar
  openssl
  pry
  puppet_forge
  r10k
  rerun
  rubocop
  rugged (= 0.25.1.1)
  sinatra
  yard
  yard-sinatra

BUNDLED WITH
   1.15.1
